GIT
  remote: https://github.com/cameel/gettext.git
  revision: c3a83734eea5029d067783127398ddf765f7265c
  ref: c3a8373
  specs:
    gettext (2.0.0)
      locale

GIT
  remote: https://github.com/instedd/alto_guisso.git
  revision: bdd04569e1f1925664f839f18cba3c2807aafe19
  branch: master
  specs:
    alto_guisso (0.0.2)
      rack-oauth2

GIT
  remote: https://github.com/instedd/alto_guisso_rails.git
  revision: 9d4aa030f4e02ce63014aa7519078780e2eb25d0
  branch: master
  specs:
    alto_guisso_rails (0.0.1)
      alto_guisso
      omniauth
      omniauth-openid
      rack-oauth2
      rails (>= 3.0)
      ruby-openid

GEM
  remote: http://rubygems.org/
  specs:
    abstract (1.0.0)
    actionmailer (3.0.7)
      actionpack (= 3.0.7)
      mail (~> 2.2.15)
    actionpack (3.0.7)
      activemodel (= 3.0.7)
      activesupport (= 3.0.7)
      builder (~> 2.1.2)
      erubis (~> 2.6.6)
      i18n (~> 0.5.0)
      rack (~> 1.2.1)
      rack-mount (~> 0.6.14)
      rack-test (~> 0.5.7)
      tzinfo (~> 0.3.23)
    activemodel (3.0.7)
      activesupport (= 3.0.7)
      builder (~> 2.1.2)
      i18n (~> 0.5.0)
    activerecord (3.0.7)
      activemodel (= 3.0.7)
      activesupport (= 3.0.7)
      arel (~> 2.0.2)
      tzinfo (~> 0.3.23)
    activeresource (3.0.7)
      activemodel (= 3.0.7)
      activesupport (= 3.0.7)
    activesupport (3.0.7)
    arel (2.0.10)
    attr_required (1.0.0)
    bcrypt (3.1.10)
    bcrypt-ruby (3.1.5)
      bcrypt (>= 3.1.3)
    breadcrumbs_on_rails (2.1.0)
    builder (2.1.2)
    capistrano (2.9.0)
      highline
      net-scp (>= 1.0.0)
      net-sftp (>= 2.0.0)
      net-ssh (>= 2.0.14)
      net-ssh-gateway (>= 1.1.0)
    ci_reporter (1.6.9)
      builder (>= 2.1.2)
    client_side_validations (3.1.0)
    coderay (1.1.0)
    columnize (0.9.0)
    daemons (1.1.4)
    debugger (1.6.8)
      columnize (>= 0.3.1)
      debugger-linecache (~> 1.2.0)
      debugger-ruby_core_source (~> 1.3.5)
    debugger-linecache (1.2.0)
    debugger-ruby_core_source (1.3.8)
    delayed_job (2.1.4)
      activesupport (~> 3.0)
      daemons
    devise (1.5.4)
      bcrypt-ruby (~> 3.0)
      orm_adapter (~> 0.0.3)
      warden (~> 1.1)
    dotenv (0.9.0)
    erubis (2.6.6)
      abstract (>= 1.0.0)
    fast_gettext (0.6.2)
    ffaker (1.8.1)
    foreman (0.63.0)
      dotenv (>= 0.7)
      thor (>= 0.13.6)
    gettext_i18n_rails (0.3.0)
      fast_gettext
    haml (3.1.3)
    haml-rails (0.3.4)
      actionpack (~> 3.0)
      activesupport (~> 3.0)
      haml (~> 3.0)
      railties (~> 3.0)
    hashie (3.4.0)
    highline (1.6.11)
    hoe (2.12.3)
      rake (~> 0.8)
    hpricot (0.8.6)
    httpclient (2.6.0.1)
    i18n (0.5.0)
    ice_cube (0.6.14)
    jquery-rails (1.0.14)
      railties (~> 3.0)
      thor (~> 0.14)
    json (1.6.1)
    kaminari (0.12.4)
      rails (>= 3.0.0)
    licit (0.2.1)
    locale (2.0.5)
    machinist (1.0.6)
    mail (2.2.19)
      activesupport (>= 2.3.6)
      i18n (>= 0.4.0)
      mime-types (~> 1.16)
      treetop (~> 1.4.8)
    metaclass (0.0.1)
    method_source (0.8.2)
    mime-types (1.16)
    mocha (0.10.0)
      metaclass (~> 0.0.1)
    multi_json (1.10.1)
    mysql2 (0.2.13)
    net-scp (1.0.4)
      net-ssh (>= 1.99.1)
    net-sftp (2.0.5)
      net-ssh (>= 2.0.9)
    net-ssh (2.3.0)
    net-ssh-gateway (1.1.0)
      net-ssh (>= 1.99.1)
    nuntium_api (0.17)
      json
      rest-client
    omniauth (1.2.2)
      hashie (>= 1.2, < 4)
      rack (~> 1.0)
    omniauth-openid (1.0.1)
      omniauth (~> 1.0)
      rack-openid (~> 1.3.1)
    orm_adapter (0.0.7)
    polyglot (0.3.2)
    pry (0.10.1)
      coderay (~> 1.1.0)
      method_source (~> 0.8.1)
      slop (~> 3.4)
    pry-debugger (0.2.3)
      debugger (~> 1.3)
      pry (>= 0.9.10, < 0.11.0)
    rack (1.2.4)
    rack-mount (0.6.14)
      rack (>= 1.0.0)
    rack-oauth2 (1.0.10)
      activesupport (>= 2.3)
      attr_required (>= 0.0.5)
      httpclient (>= 2.4)
      multi_json (>= 1.3.6)
      rack (>= 1.1)
    rack-openid (1.3.1)
      rack (>= 1.1.0)
      ruby-openid (>= 2.1.8)
    rack-test (0.5.7)
      rack (>= 1.0)
    rails (3.0.7)
      actionmailer (= 3.0.7)
      actionpack (= 3.0.7)
      activerecord (= 3.0.7)
      activeresource (= 3.0.7)
      activesupport (= 3.0.7)
      bundler (~> 1.0)
      railties (= 3.0.7)
    railties (3.0.7)
      actionpack (= 3.0.7)
      activesupport (= 3.0.7)
      rake (>= 0.8.7)
      thor (~> 0.14.4)
    rake (0.9.2)
    rand (0.9.1)
      hoe (>= 1.2.1)
    rest-client (1.6.7)
      mime-types (>= 1.16)
    ruby-openid (2.6.0)
    ruby_parser (2.3.1)
      sexp_processor (~> 3.0)
    rvm (1.9.2)
    sexp_processor (3.0.8)
    slop (3.6.0)
    symbolize (3.2.0)
    test-unit (2.4.5)
    thor (0.14.6)
    treetop (1.4.10)
      polyglot
      polyglot (>= 0.3.1)
    tzinfo (0.3.29)
    warden (1.2.3)
      rack (>= 1.0)

PLATFORMS
  ruby

DEPENDENCIES
  alto_guisso!
  alto_guisso_rails!
  breadcrumbs_on_rails
  capistrano
  ci_reporter
  client_side_validations
  delayed_job
  devise (= 1.5.4)
  fast_gettext
  ffaker
  foreman
  gettext!
  gettext_i18n_rails
  haml-rails
  hpricot
  ice_cube (~> 0.6.13)
  jquery-rails
  kaminari
  licit
  locale
  machinist
  mocha
  mysql2 (< 0.3)
  nuntium_api (>= 0.12)
  omniauth
  omniauth-openid
  pry-debugger
  rack-oauth2
  rails (= 3.0.7)
  rand (~> 0.9.1)
  ruby-openid
  ruby_parser
  rvm
  symbolize
  test-unit
